##TITLE= Parameter file, TopSpin 4.4.0
##JCAMPDX= 5.0
##DATATYPE= Parameter Values
##NPOINTS= 1	$$ modification sequence number
##ORIGIN= Bruker BioSpin GmbH & Co. KG
##OWNER= mvdlab
$$ 2026-02-17 12:22:05.419 +0530  mvdlab@CZC8137NR1
$$ /opt/nmrdata/DRB2/JBN_tr/30//specpar
$$ process /opt/topspin4.4.0/prog/mod/acqdataserver
##$ANCIEN= (0..7)
0 0 0 0 0 0 0 0
##$BF1= 100.13
##$BF2= 100.13
##$BF3= 100.13
##$DEC= 1
##$DECB= 1
##$DEF19F= yes
##$DEFRSEL= yes
##$HPMOD= (0..32)
0 0 0 0 0 0 0 0 0 0 0 0 0 0 0 0 0 0 0 0 0 0 0 0 0 0 0 0 0 0 0 0 0
##$HPPRECH= (0..32)
-1 -1 -1 -1 -1 -1 -1 -1 -1 -1 -1 -1 -1 -1 -1 -1 -1 -1 -1 -1 -1 -1 -1 -1
-1 -1 -1 -1 -1 -1 -1 -1 -1
##$HPSELECT= yes
##$LOCSW19F= -1
##$LOCSW2H= -1
##$NUC1= 1
##$NUC2= 0
##$NUC3= 12
##$NUC4= 0
##$NUC5= 0
##$NUC6= 0
##$NUC7= 0
##$NUC8= 0
##$NUCARR= (0..123)
600.26 600.26 92.143564743 640.261170332 457.271921338 88.334777824 233.283827872
84.347412714 64.489881511 192.587262332 150.935497052 43.376690424 60.823817571
81.373988788 564.808710429 47.38630117 158.78017494 36.745726251 156.408901833
119.254776686 242.989701929 46.0759576 58.812928563 48.955554885 28.01037057
34.827193247 15.374489393 40.397672075 145.813640542 33.839861588 33.848883496
59.847776803 157.886075665 33.92967249 148.799759967 19.435086223 142.424134392
53.639539733 159.16177823 170.496007602 37.557085688 144.07052752 183.05951543
20.938959619 102.780202796 114.478663934 31.319898077 150.389020348 162.109324947
23.09560376 57.954760852 196.40779718 26.014199937 29.413928515 55.801958375
146.920658042 39.118500008 39.939469607 135.108477648 27.642879393 30.981633559
19.126966762 27.46849786 24.297438329 27.933297186 127.348040248 133.216752255
131.251380963 131.532746835 196.397562747 213.886197873 223.840747643 143.6456815
77.788995964 157.086493329 189.380643399 120.096935464 166.933422484 49.484960195
78.730953969 59.632571588 66.706461613 79.20010518 84.790572667 183.799612
32.71417 20.168736 25.030842 20.648944 149.224636 65.908548 18.427982 24.190478
144.302504 20.648944 28.932532 128.095484 17.287488 49.761554 105.041334196
28.9385346 68.4536504 48.8071406 24.0524182 15.1085442 71.96877296 25.009154606
135.20616396 136.56875416 13.699920061 46.61259004 10.3124668 11.2308646
129.036595638 10.3784954 107.511500137 39.686688116 342.88772032 346.253005979
125.577987557 96.457508149 11.05318764 21.789438 100
##$NUCOFFS= (0..127)
<13C> <1H> <15N> <2H> <23Na> <129Xe> <79Br> <31P> <239Pu> <> <> <> <> <>
<> <> <> <> <> <> <> <> <> <> <> <> <> <> <> <> <> <> <> <> <> <> <> <>
<> <> <> <> <> <> <> <> <> <> <> <> <> <> <> <> <> <> <> <> <> <> <> <>
<> <> <> <> <> <> <> <> <> <> <> <> <> <> <> <> <> <> <> <> <> <> <> <>
<> <> <> <> <> <> <> <> <> <> <> <> <> <> <> <> <> <> <> <> <> <> <> <>
<> <> <> <> <> <> <> <> <> <> <> <> <> <> <> <> <> <>
##$OBS= 1
##$OFFS= (0..127)
0 0 0 0 0 0 0 0 5000 0 0 0 0 0 0 0 0 0 0 0 0 0 0 0 0 0 0 0 0 0 0 0 0 0
0 0 0 0 0 0 0 0 0 0 0 0 0 0 0 0 0 0 0 0 0 0 0 0 0 0 0 0 0 0 0 0 0 0 0 0
0 0 0 0 0 0 0 0 0 0 0 0 0 0 0 0 0 0 0 0 0 0 0 0 0 0 0 0 0 0 0 0 0 0 0 0
0 0 0 0 0 0 0 0 0 0 0 0 0 0 0 0 0 0 0 0 0 0
##$OFFSF= (0..7)
0 0 0 0 0 0 0 0
##$OFFSH= (0..7)
0 0 0 0 0 0 0 0
##$OFFSX= (0..7)
0 0 0 0 0 0 0 0
##$OFFSXAS= (0..7)
0 0 0 0 0 0 0 0
##$OFSF1= 0
##$OFSF2= 0
##$OFSH1= 0
##$OFSH2= 0
##$OFSH3= 0
##$OFSX1= 0
##$OFSX2= 0
##$OFSY= 0
##$PACOIL= (0..32)
0 0 0 0 0 0 0 0 0 0 0 0 0 0 0 0 0 0 0 0 0 0 0 0 0 0 0 0 0 0 0 0 0
##$PRECHAN= (0..32)
-1 2 3 0 1 4 -1 -1 -1 -1 -1 -1 -1 -1 -1 -1 -1 -1 -1 -1 -1 -1 -1 -1 -1 -1
-1 -1 -1 -1 -1 -1 -1
##$RECPRE= (0..25)
-1 0 1 2 4 -1 -1 -1 -1 -1 -1 -1 -1 -1 -1 -1 -1 -1 -1 -1 -1 -1 -1 -1 -1
-1
##$RECPRFX= (0..32)
1 1 1 0 1 0 0 0 0 0 0 0 0 0 0 0 0 0 0 0 0 0 0 0 0 0 0 0 0 0 0 0 0
##$RECSEL= (0..24)
0 1 2 3 4 5 6 7 8 9 10 11 12 13 14 15 16 17 18 19 20 21 22 23 24
##$SELREC= (0..24)
0 0 0 0 0 0 0 0 0 0 0 0 0 0 0 0 0 0 0 0 0 0 0 0 0
##$SFO1= 600.26282
##$SFO2= 600.26
##$SFO3= 60.823818
##$SFO4= 600.26
##$SFO5= 600.263707
##$SFO6= 600.263707
##$SFO7= 600.263707
##$SFO8= 600.263707
##$TY= (0..123)
0 0 0 0 0 0 0 0 0 0 0 0 0 0 0 0 0 0 0 0 0 0 0 0 0 0 0 0 0 0 0 0 0 0 0 0
0 0 0 0 0 0 0 0 0 0 0 0 0 0 0 0 0 0 0 0 0 0 0 0 0 0 0 0 0 0 0 0 0 0 0 0
0 0 0 0 0 0 0 0 0 0 0 0 0 0 0 0 0 0 0 0 0 0 0 0 0 0 0 0 0 0 0 0 0 0 0 0
0 0 0 0 0 0 0 0 0 0 0 0 0 0 0 0
##END=
